GEM
  remote: https://rubygems.org/
  specs:
    addressable (2.3.8)
    big-phoney (0.1.4)
    diff-lcs (1.3)
    email_address_validator (2.0.0)
    jcrvalidator (0.7.0)
      addressable (= 2.3.8)
      big-phoney (= 0.1.4)
      email_address_validator (~> 2.0)
      parslet (~> 1.7)
    parslet (1.8.1)
    rake (12.3.0)
    rspec (3.7.0)
      rspec-core (~> 3.7.0)
      rspec-expectations (~> 3.7.0)
      rspec-mocks (~> 3.7.0)
    rspec-core (3.7.0)
      rspec-support (~> 3.7.0)
    rspec-expectations (3.7.0)
      diff-lcs (>= 1.2.0, < 2.0)
      rspec-support (~> 3.7.0)
    rspec-mocks (3.7.0)
      diff-lcs (>= 1.2.0, < 2.0)
      rspec-support (~> 3.7.0)
    rspec-support (3.7.0)

PLATFORMS
  ruby

DEPENDENCIES
  jcrvalidator
  rake
  rspec

BUNDLED WITH
   1.16.0
